GEM
  remote: https://rubygems.org/
  specs:
    minitest (5.11.3)
    ruby-terminfo (0.1.1)

PLATFORMS
  ruby

DEPENDENCIES
  minitest
  ruby-terminfo

BUNDLED WITH
   1.17.2
