GEM
  remote: https://rubygems.org/
  specs:
    awesome_print (1.8.0)
    ruby-terminfo (0.1.1)

PLATFORMS
  ruby

DEPENDENCIES
  awesome_print
  ruby-terminfo

BUNDLED WITH
   1.16.0
